GEM
  remote: http://rubygems.org/
  specs:
    diff-lcs (1.1.3)
    ethernet (0.1.1)
      system-getifaddrs (~> 0.1.1)
    git (1.2.5)
    jeweler (1.6.4)
      bundler (~> 1.0)
      git (>= 1.2.5)
      rake
    json (1.6.1)
    rake (0.9.2.2)
    rcov (0.9.11)
    rdoc (3.11)
      json (~> 1.4)
    rspec (2.6.0)
      rspec-core (~> 2.6.0)
      rspec-expectations (~> 2.6.0)
      rspec-mocks (~> 2.6.0)
    rspec-core (2.6.4)
    rspec-expectations (2.6.0)
      diff-lcs (~> 1.1.2)
    rspec-mocks (2.6.0)
    system-getifaddrs (0.1.1)

PLATFORMS
  ruby

DEPENDENCIES
  bundler (~> 1.0.0)
  ethernet (>= 0.1.0)
  jeweler (~> 1.6.0)
  rcov
  rdoc (>= 3.6.0)
  rspec (~> 2.6.0)
